GEM
  remote: https://rubygems.org/
  specs:
    ruby-pcap (0.8.1)

PLATFORMS
  x86_64-linux

DEPENDENCIES
  ruby-pcap (~> 0.8.1)

BUNDLED WITH
   2.4.2
